GEM
  remote: http://rubygems.org/
  specs:
    excon (0.16.7)
    heroku-api (0.3.6)
      excon (~> 0.16.7)
    json (1.7.5)
    macaddr (1.6.1)
      systemu (~> 2.5.0)
    puma (1.6.3)
      rack (~> 1.2)
    rack (1.4.1)
    redis (3.0.2)
    systemu (2.5.2)
    uuid (2.3.6)
      macaddr (~> 1.0)

PLATFORMS
  ruby

DEPENDENCIES
  excon
  heroku-api
  json
  puma
  rack
  redis
  uuid
